GEM
  remote: http://rubygems.org/
  specs:
    ceedling (0.15.1)
      rake (>= 0.8.7)
      thor (>= 0.14.5)
    json (1.8.1)
    rake (10.3.2)
    thor (0.19.1)
    travis-lint (2.0.0)
      json

PLATFORMS
  ruby

DEPENDENCIES
  bundler (>= 1.3.5)
  ceedling (>= 0.15)
  travis-lint
