GEM
  remote: http://rubygems.org/
  specs:
    constructor (2.0.0)
    diy (1.1.2)
      constructor (>= 1.0.0)
    rake (10.3.2)
    require_all (1.3.2)

PLATFORMS
  ruby

DEPENDENCIES
  bundler (>= 1.3.5)
  constructor
  diy
  rake (>= 0.9.2.2)
  require_all
